GEM
  remote: https://rubygems.org/
  specs:
    activemodel (4.2.6)
      activesupport (= 4.2.6)
      builder (~> 3.1)
    activerecord (4.2.6)
      activemodel (= 4.2.6)
      activesupport (= 4.2.6)
      arel (~> 6.0)
    activesupport (4.2.6)
      i18n (~> 0.7)
      json (~> 1.7, >= 1.7.7)
      minitest (~> 5.1)
      thread_safe (~> 0.3, >= 0.3.4)
      tzinfo (~> 1.1)
    addressable (2.4.0)
    arel (6.0.3)
    builder (3.2.2)
    coderay (1.1.1)
    concurrent-ruby (1.0.1)
    css_parser (1.4.1)
      addressable
    diff-lcs (1.2.5)
    htmlentities (4.3.4)
    i18n (0.7.0)
    json (1.8.3)
    mail (2.6.4)
      mime-types (>= 1.16, < 4)
    method_source (0.8.2)
    mime-types (3.0)
      mime-types-data (~> 3.2015)
    mime-types-data (3.2016.0221)
    mini_portile2 (2.0.0)
    minitest (5.8.4)
    nokogiri (1.6.7.2)
      mini_portile2 (~> 2.0.0.rc2)
    pakyow (0.10.2)
      bundler (~> 1.10)
      pakyow-core (= 0.10.2)
      pakyow-mailer (= 0.10.2)
      pakyow-presenter (= 0.10.2)
      pakyow-rake (= 0.10.2)
      pakyow-realtime (= 0.10.2)
      pakyow-support (= 0.10.2)
      pakyow-test (= 0.10.2)
      pakyow-ui (= 0.10.2)
    pakyow-core (0.10.2)
      pakyow-support (= 0.10.2)
      rack (~> 1.6)
    pakyow-mailer (0.10.2)
      mail (~> 2.6)
      pakyow-core (= 0.10.2)
      pakyow-presenter (= 0.10.2)
      pakyow-support (= 0.10.2)
      premailer (~> 1.8)
    pakyow-presenter (0.10.2)
      nokogiri (~> 1.6)
      pakyow-core (= 0.10.2)
      pakyow-support (= 0.10.2)
    pakyow-rake (0.10.2)
      pakyow-core (= 0.10.2)
      pakyow-presenter (= 0.10.2)
      pakyow-support (= 0.10.2)
      rake (~> 10.4)
    pakyow-realtime (0.10.2)
      concurrent-ruby (~> 1.0)
      pakyow-core (= 0.10.2)
      pakyow-support (= 0.10.2)
      redis (~> 3.2)
      websocket_parser (~> 1.0)
    pakyow-support (0.10.2)
    pakyow-test (0.10.2)
      pakyow-core (= 0.10.2)
      pakyow-mailer (= 0.10.2)
      pakyow-presenter (= 0.10.2)
      pakyow-support (= 0.10.2)
    pakyow-ui (0.10.2)
      pakyow-core (= 0.10.2)
      pakyow-presenter (= 0.10.2)
      pakyow-realtime (= 0.10.2)
      pakyow-support (= 0.10.2)
    pg (0.18.4)
    premailer (1.8.6)
      css_parser (>= 1.3.6)
      htmlentities (>= 4.0.0)
    pry (0.10.3)
      coderay (~> 1.1.0)
      method_source (~> 0.8.1)
      slop (~> 3.4)
    puma (3.4.0)
    rack (1.6.4)
    rake (10.5.0)
    redis (3.2.2)
    rspec (3.4.0)
      rspec-core (~> 3.4.0)
      rspec-expectations (~> 3.4.0)
      rspec-mocks (~> 3.4.0)
    rspec-core (3.4.4)
      rspec-support (~> 3.4.0)
    rspec-expectations (3.4.0)
      diff-lcs (>= 1.2.0, < 2.0)
      rspec-support (~> 3.4.0)
    rspec-mocks (3.4.1)
      diff-lcs (>= 1.2.0, < 2.0)
      rspec-support (~> 3.4.0)
    rspec-support (3.4.1)
    slop (3.6.0)
    thread_safe (0.3.5)
    tzinfo (1.2.2)
      thread_safe (~> 0.1)
    websocket_parser (1.0.0)

PLATFORMS
  ruby

DEPENDENCIES
  activerecord
  pakyow (~> 0.10)
  pg
  pry
  puma
  rspec
  thin

BUNDLED WITH
   1.11.2
