GEM
  remote: https://rubygems.org/
  specs:
    activemodel (4.2.6)
      activesupport (= 4.2.6)
      builder (~> 3.1)
    activerecord (4.2.6)
      activemodel (= 4.2.6)
      activesupport (= 4.2.6)
      arel (~> 6.0)
    activesupport (4.2.6)
      i18n (~> 0.7)
      json (~> 1.7, >= 1.7.7)
      minitest (~> 5.1)
      thread_safe (~> 0.3, >= 0.3.4)
      tzinfo (~> 1.1)
    addressable (2.4.0)
    ansi (1.5.0)
    arel (6.0.3)
    ast (2.2.0)
    builder (3.2.2)
    coderay (1.1.1)
    concurrent-ruby (1.0.2)
    css_parser (1.4.1)
      addressable
    diff-lcs (1.2.5)
    htmlentities (4.3.4)
    i18n (0.7.0)
    json (1.8.3)
    mail (2.6.4)
      mime-types (>= 1.16, < 4)
    method_source (0.8.2)
    mime-types (3.1)
      mime-types-data (~> 3.2015)
    mime-types-data (3.2016.0521)
    minitest (5.8.4)
    oga (2.2)
      ast
      ruby-ll (~> 2.1)
    pakyow (0.11.1)
      bundler (~> 1.10)
      pakyow-core (= 0.11.1)
      pakyow-mailer (= 0.11.1)
      pakyow-presenter (= 0.11.1)
      pakyow-rake (= 0.11.1)
      pakyow-realtime (= 0.11.1)
      pakyow-support (= 0.11.1)
      pakyow-test (= 0.11.1)
      pakyow-ui (= 0.11.1)
      thor (~> 0.19)
    pakyow-core (0.11.1)
      pakyow-support (= 0.11.1)
      rack (~> 1.6)
    pakyow-mailer (0.11.1)
      mail (~> 2.6)
      pakyow-core (= 0.11.1)
      pakyow-presenter (= 0.11.1)
      pakyow-support (= 0.11.1)
      premailer (~> 1.8)
    pakyow-presenter (0.11.1)
      oga (~> 2.0)
      pakyow-core (= 0.11.1)
      pakyow-support (= 0.11.1)
    pakyow-rake (0.11.1)
      pakyow-core (= 0.11.1)
      pakyow-presenter (= 0.11.1)
      pakyow-support (= 0.11.1)
      rake (~> 11.1)
    pakyow-realtime (0.11.1)
      concurrent-ruby (~> 1.0)
      pakyow-core (= 0.11.1)
      pakyow-support (= 0.11.1)
      redis (~> 3.2)
      websocket (~> 1.2)
    pakyow-support (0.11.1)
    pakyow-test (0.11.1)
      pakyow-core (= 0.11.1)
      pakyow-mailer (= 0.11.1)
      pakyow-presenter (= 0.11.1)
      pakyow-support (= 0.11.1)
    pakyow-ui (0.11.1)
      pakyow-core (= 0.11.1)
      pakyow-presenter (= 0.11.1)
      pakyow-realtime (= 0.11.1)
      pakyow-support (= 0.11.1)
    pg (0.18.4)
    premailer (1.8.6)
      css_parser (>= 1.3.6)
      htmlentities (>= 4.0.0)
    pry (0.10.3)
      coderay (~> 1.1.0)
      method_source (~> 0.8.1)
      slop (~> 3.4)
    puma (3.4.0)
    rack (1.6.4)
    rake (11.1.2)
    redis (3.3.0)
    rspec (3.4.0)
      rspec-core (~> 3.4.0)
      rspec-expectations (~> 3.4.0)
      rspec-mocks (~> 3.4.0)
    rspec-core (3.4.4)
      rspec-support (~> 3.4.0)
    rspec-expectations (3.4.0)
      diff-lcs (>= 1.2.0, < 2.0)
      rspec-support (~> 3.4.0)
    rspec-mocks (3.4.1)
      diff-lcs (>= 1.2.0, < 2.0)
      rspec-support (~> 3.4.0)
    rspec-support (3.4.1)
    ruby-ll (2.1.2)
      ansi
      ast
    slop (3.6.0)
    thor (0.19.1)
    thread_safe (0.3.5)
    tzinfo (1.2.2)
      thread_safe (~> 0.1)
    websocket (1.2.3)

PLATFORMS
  ruby

DEPENDENCIES
  activerecord
  pakyow (~> 0.11)
  pg
  pry
  puma
  rspec
  thin

BUNDLED WITH
   1.11.2
